GEM
  remote: https://rubygems.org/
  specs:
    docile (1.3.1)
    json (2.1.0)
    power_assert (1.1.3)
    simplecov (0.16.1)
      docile (~> 1.1)
      json (>= 1.8, < 3)
      simplecov-html (~> 0.10.0)
    simplecov-html (0.10.2)
    test-unit (3.2.8)
      power_assert

PLATFORMS
  ruby

DEPENDENCIES
  simplecov
  test-unit

BUNDLED WITH
   1.16.2
